PATH
  remote: .
  specs:
    wassup (0.1.0)
      curses

GEM
  remote: https://rubygems.org/
  specs:
    curses (1.4.2)
    diff-lcs (1.4.4)
    rake (12.3.3)
    rspec (3.10.0)
      rspec-core (~> 3.10.0)
      rspec-expectations (~> 3.10.0)
      rspec-mocks (~> 3.10.0)
    rspec-core (3.10.1)
      rspec-support (~> 3.10.0)
    rspec-expectations (3.10.1)
      diff-lcs (>= 1.2.0, < 2.0)
      rspec-support (~> 3.10.0)
    rspec-mocks (3.10.2)
      diff-lcs (>= 1.2.0, < 2.0)
      rspec-support (~> 3.10.0)
    rspec-support (3.10.3)

PLATFORMS
  arm64-darwin-21

DEPENDENCIES
  rake (~> 12.0)
  rspec (~> 3.0)
  wassup!

BUNDLED WITH
   2.2.3
